GEM
  remote: https://ruby.taobao.org/
  specs:
    clamp (0.6.3)
    rake (10.4.2)

PLATFORMS
  ruby

DEPENDENCIES
  clamp
  rake
